GEM
  remote: http://rubygems.org/
  specs:
    builder (3.2.3)
    childprocess (0.6.1)
      ffi (~> 1.0, >= 1.0.11)
    cucumber (1.3.20)
      builder (>= 2.1.2)
      diff-lcs (>= 1.1.3)
      gherkin (~> 2.12)
      multi_json (>= 1.7.5, < 2.0)
      multi_test (>= 0.1.2)
    diff-lcs (1.3)
    ffi (1.9.17)
    gherkin (2.12.2)
      multi_json (~> 1.3)
    multi_json (1.12.1)
    multi_test (0.1.2)
    rubyzip (1.2.0)
    selenium-webdriver (3.0.5)
      childprocess (~> 0.5)
      rubyzip (~> 1.0)
      websocket (~> 1.0)
    watir (6.1.0)
      selenium-webdriver (~> 3.0)
    websocket (1.2.3)

PLATFORMS
  ruby

DEPENDENCIES
  cucumber (= 1.3.20)
  watir

BUNDLED WITH
   1.13.6
